GEM
  remote: https://rubygems.org/
  specs:
    mime-types (1.19)
    rack (1.5.2)
    rest-client (1.6.7)
      mime-types (>= 1.16)
    sinatra (1.2.8)
      rack (~> 1.1)
      tilt (>= 1.2.2, < 2.0)
    tilt (1.4.1)

PLATFORMS
  ruby

DEPENDENCIES
  rest-client
  sinatra (= 1.2.8)
