GEM
  remote: https://rubygems.org/
  specs:
    json (1.7.4)
    rack (1.4.1)
    rack_csrf (2.4.0)
      rack (>= 0.9)
    sequel (3.38.0)
    sinatra (1.2.8)
      rack (~> 1.1)
      tilt (>= 1.2.2, < 2.0)
    sqlite3 (1.3.6)
    tilt (1.4.1)

PLATFORMS
  ruby

DEPENDENCIES
  json
  rack
  rack_csrf
  sequel
  sinatra (= 1.2.8)
  sqlite3
