GEM
  remote: https://rubygems.org/
  specs:
    rack (1.5.2)
    sequel (3.37.0)
    sinatra (1.2.8)
      rack (~> 1.1)
      tilt (>= 1.2.2, < 2.0)
    sqlite3 (1.3.6)
    tilt (1.4.1)

PLATFORMS
  ruby

DEPENDENCIES
  sequel
  sinatra (= 1.2.8)
  sqlite3
